PATH
  remote: .
  specs:
    akshay_poker (0.0.1)

GEM
  remote: https://rubygems.org/
  specs:
    rake (10.5.0)

PLATFORMS
  ruby

DEPENDENCIES
  akshay_poker!
  bundler (~> 1.16)
  rake (~> 10.0)

BUNDLED WITH
   1.16.1
